GIT
  remote: git://github.com/evansagge/mongoid-rspec.git
  revision: cd7fa1ff285f73d0948876fb1250842718716a2f
  specs:
    mongoid-rspec (1.9.0)
      mongoid (>= 3.0.1)
      rake
      rspec (>= 2.14)

GIT
  remote: git://github.com/ghempton/ember-script-rails.git
  revision: 3de2aedfec18ce745266f12f3cf42827aa3da3bd
  specs:
    ember_script-rails (0.0.3)
      ember_script (>= 0.0.4)
      rails

GIT
  remote: git://github.com/mongoid/mongoid.git
  revision: 45529d833e37e0dedf4033e4edaa4447ae19140f
  specs:
    mongoid (4.0.0)
      activemodel (~> 4.0.0)
      moped (~> 2.0.beta3)
      origin (~> 1.0)
      tzinfo (~> 0.3.37)

GEM
  remote: https://rubygems.org/
  specs:
    actionmailer (4.0.1)
      actionpack (= 4.0.1)
      mail (~> 2.5.4)
    actionpack (4.0.1)
      activesupport (= 4.0.1)
      builder (~> 3.1.0)
      erubis (~> 2.7.0)
      rack (~> 1.5.2)
      rack-test (~> 0.6.2)
    active_model_serializers (0.8.1)
      activemodel (>= 3.0)
    activemodel (4.0.1)
      activesupport (= 4.0.1)
      builder (~> 3.1.0)
    activerecord (4.0.1)
      activemodel (= 4.0.1)
      activerecord-deprecated_finders (~> 1.0.2)
      activesupport (= 4.0.1)
      arel (~> 4.0.0)
    activerecord-deprecated_finders (1.0.3)
    activesupport (4.0.1)
      i18n (~> 0.6, >= 0.6.4)
      minitest (~> 4.2)
      multi_json (~> 1.3)
      thread_safe (~> 0.1)
      tzinfo (~> 0.3.37)
    addressable (2.3.5)
    arel (4.0.1)
    atomic (1.1.14)
    barber (0.4.2)
      ember-source
      execjs
      handlebars-source
    barber-emblem (0.1.1)
      barber (>= 0.4.1)
      emblem-source
    bcrypt-ruby (3.1.2)
    binding_of_caller (0.7.2)
      debug_inspector (>= 0.0.1)
    bootstrap-sass (3.0.2.1)
      sass (~> 3.2)
    bson (2.0.0.rc3)
    builder (3.1.4)
    cancan (1.6.10)
    capybara (2.1.0)
      mime-types (>= 1.16)
      nokogiri (>= 1.3.3)
      rack (>= 1.0.0)
      rack-test (>= 0.5.4)
      xpath (~> 2.0)
    celluloid (0.15.2)
      timers (~> 1.1.0)
    coderay (1.1.0)
    coffee-rails (4.0.1)
      coffee-script (>= 2.2.0)
      railties (>= 4.0.0, < 5.0)
    coffee-script (2.2.0)
      coffee-script-source
      execjs
    coffee-script-source (1.6.3)
    daemons (1.1.9)
    database_cleaner (1.0.1)
    debug_inspector (0.0.2)
    devise (3.2.1)
      bcrypt-ruby (~> 3.0)
      orm_adapter (~> 0.1)
      railties (>= 3.2.6, < 5)
      thread_safe (~> 0.1)
      warden (~> 1.2.3)
    diff-lcs (1.2.5)
    email_spec (1.5.0)
      launchy (~> 2.1)
      mail (~> 2.2)
    ember-data-source (1.0.0.beta.3)
      ember-source
    ember-rails (0.14.0)
      active_model_serializers
      barber (>= 0.4.1)
      ember-data-source
      ember-source
      execjs (>= 1.2)
      handlebars-source
      jquery-rails (>= 1.0.17)
      railties (>= 3.1)
    ember-source (1.2.0.beta.3)
      handlebars-source (= 1.0.12)
    ember_script (0.0.5)
      ember_script-source (>= 0.0.2)
      execjs
      tilt
    ember_script-source (0.0.8)
    emblem-rails (0.2.0)
      barber-emblem (~> 0.1.1)
      ember-rails (>= 0.14.0)
    emblem-source (0.3.4)
    erubis (2.7.0)
    eventmachine (1.0.3)
    execjs (2.0.2)
    factory_girl (4.3.0)
      activesupport (>= 3.0.0)
    factory_girl_rails (4.3.0)
      factory_girl (~> 4.3.0)
      railties (>= 3.0.0)
    ffi (1.9.3)
    figaro (0.7.0)
      bundler (~> 1.0)
      rails (>= 3, < 5)
    formatador (0.2.4)
    guard (2.2.4)
      formatador (>= 0.2.4)
      listen (~> 2.1)
      lumberjack (~> 1.0)
      pry (>= 0.9.12)
      thor (>= 0.18.1)
    guard-bundler (2.0.0)
      bundler (~> 1.0)
      guard (~> 2.2)
    guard-rails (0.4.7)
      guard (>= 0.2.2)
    guard-rspec (4.0.4)
      guard (>= 2.1.1)
      rspec (~> 2.14)
    haml (4.1.0.alpha.2)
      tilt
    haml-rails (0.4)
      actionpack (>= 3.1, < 4.1)
      activesupport (>= 3.1, < 4.1)
      haml (>= 3.1, < 4.1)
      railties (>= 3.1, < 4.1)
    haml2slim (0.4.7)
      haml (>= 3.0)
      nokogiri
      ruby_parser
    handlebars-source (1.0.12)
    hike (1.2.3)
    hpricot (0.8.6)
    html2haml (1.0.1)
      erubis (~> 2.7.0)
      haml (>= 4.0.0.rc.1)
      hpricot (~> 0.8.6)
      ruby_parser (~> 3.1.1)
    hub (1.10.6)
    i18n (0.6.5)
    jbuilder (1.5.2)
      activesupport (>= 3.0.0)
      multi_json (>= 1.2.0)
    jquery-rails (3.0.4)
      railties (>= 3.0, < 5.0)
      thor (>= 0.14, < 2.0)
    json (1.8.1)
    launchy (2.4.0)
      addressable (~> 2.3)
    listen (2.2.0)
      celluloid (>= 0.15.2)
      rb-fsevent (>= 0.9.3)
      rb-inotify (>= 0.9)
    lumberjack (1.0.4)
    mail (2.5.4)
      mime-types (~> 1.16)
      treetop (~> 1.4.8)
    method_source (0.8.2)
    mime-types (1.25)
    mini_portile (0.5.2)
    minitest (4.7.5)
    moped (2.0.0.beta3)
      bson (~> 2.0.0.rc3)
      optionable (~> 0.1.1)
    multi_json (1.8.2)
    nokogiri (1.6.0)
      mini_portile (~> 0.5.0)
    optionable (0.1.1)
    origin (1.1.0)
    orm_adapter (0.5.0)
    polyglot (0.3.3)
    pry (0.9.12.3)
      coderay (~> 1.0)
      method_source (~> 0.8)
      slop (~> 3.4)
    quiet_assets (1.0.2)
      railties (>= 3.1, < 5.0)
    rack (1.5.2)
    rack-test (0.6.2)
      rack (>= 1.0)
    rails (4.0.1)
      actionmailer (= 4.0.1)
      actionpack (= 4.0.1)
      activerecord (= 4.0.1)
      activesupport (= 4.0.1)
      bundler (>= 1.3.0, < 2.0)
      railties (= 4.0.1)
      sprockets-rails (~> 2.0.0)
    rails_12factor (0.0.2)
      rails_serve_static_assets
      rails_stdout_logging
    rails_layout (0.5.0)
    rails_serve_static_assets (0.0.1)
    rails_stdout_logging (0.0.3)
    railties (4.0.1)
      actionpack (= 4.0.1)
      activesupport (= 4.0.1)
      rake (>= 0.8.7)
      thor (>= 0.18.1, < 2.0)
    rake (10.1.0)
    rb-fchange (0.0.6)
      ffi
    rb-fsevent (0.9.3)
    rb-inotify (0.9.2)
      ffi (>= 0.5.0)
    rolify (3.2.0)
    rspec (2.14.1)
      rspec-core (~> 2.14.0)
      rspec-expectations (~> 2.14.0)
      rspec-mocks (~> 2.14.0)
    rspec-core (2.14.7)
    rspec-expectations (2.14.4)
      diff-lcs (>= 1.1.3, < 2.0)
    rspec-mocks (2.14.4)
    rspec-rails (2.14.0)
      actionpack (>= 3.0)
      activesupport (>= 3.0)
      railties (>= 3.0)
      rspec-core (~> 2.14.0)
      rspec-expectations (~> 2.14.0)
      rspec-mocks (~> 2.14.0)
    ruby_parser (3.1.3)
      sexp_processor (~> 4.1)
    sass (3.2.12)
    sass-rails (4.0.1)
      railties (>= 4.0.0, < 5.0)
      sass (>= 3.1.10)
      sprockets-rails (~> 2.0.0)
    sexp_processor (4.4.0)
    simple_form (3.0.0)
      actionpack (>= 4.0.0, < 4.1)
      activemodel (>= 4.0.0, < 4.1)
    slim (2.0.2)
      temple (~> 0.6.6)
      tilt (>= 1.3.3, < 2.1)
    slop (3.4.7)
    sprockets (2.10.0)
      hike (~> 1.2)
      multi_json (~> 1.0)
      rack (~> 1.0)
      tilt (~> 1.1, != 1.3.0)
    sprockets-rails (2.0.1)
      actionpack (>= 3.0)
      activesupport (>= 3.0)
      sprockets (~> 2.8)
    temple (0.6.7)
    thin (1.6.1)
      daemons (>= 1.0.9)
      eventmachine (>= 1.0.0)
      rack (>= 1.0.0)
    thor (0.18.1)
    thread_safe (0.1.3)
      atomic
    tilt (1.4.1)
    timers (1.1.0)
    treetop (1.4.15)
      polyglot
      polyglot (>= 0.3.1)
    turbolinks (1.3.1)
      coffee-rails
    tzinfo (0.3.38)
    uglifier (2.3.1)
      execjs (>= 0.3.0)
      json (>= 1.8.0)
    warden (1.2.3)
      rack (>= 1.0)
    xpath (2.0.0)
      nokogiri (~> 1.3)

PLATFORMS
  ruby

DEPENDENCIES
  binding_of_caller
  bootstrap-sass (>= 3.0.0.0)
  cancan
  capybara
  coffee-rails (~> 4.0.0)
  database_cleaner (= 1.0.1)
  devise
  email_spec
  ember-data-source (~> 1.0.0.beta.3)
  ember-rails (>= 0.14.0)
  ember-source (= 1.2.0.beta.3)
  ember_script-rails!
  emblem-rails (= 0.2.0)
  factory_girl_rails
  figaro
  guard-bundler
  guard-rails
  guard-rspec
  haml-rails
  haml2slim
  handlebars-source (~> 1.0.12)
  html2haml
  hub
  jbuilder (~> 1.2)
  jquery-rails
  mongoid (~> 4)!
  mongoid-rspec (>= 1.6.0)!
  quiet_assets
  rails (= 4.0.1)
  rails_12factor
  rails_layout
  rb-fchange
  rb-fsevent
  rb-inotify
  rolify
  rspec-rails
  sass-rails (~> 4.0.0)
  simple_form
  slim
  thin
  turbolinks
  uglifier (>= 1.3.0)
